GIT
  remote: https://github.com/Giftbit/lightrail-client-ruby.git
  revision: 22f3d8805d712b041c2af51a286fb3a87dd06e00
  specs:
    lightrail_client (0.6.2)
      faraday (~> 0.12)
      json (~> 1.7)
      jwt (~> 2.1)
      openssl (~> 2.0)

GIT
  remote: https://github.com/Giftbit/lightrail-stripe-ruby.git
  revision: f4428af5f917f68e32faa280d96aad69733ff958
  specs:
    lightrail_stripe (0.7.1)
      faraday (~> 0.12)
      json (~> 1.7)
      openssl (~> 2.0)
      stripe (~> 3.0)

GEM
  remote: https://rubygems.org/
  specs:
    colorize (0.8.1)
    dotenv (2.2.1)
    faraday (0.13.1)
      multipart-post (>= 1.2, < 3)
    httplog (1.0.0)
      colorize
      rack
    json (1.8.6)
    jwt (2.1.0)
    multipart-post (2.0.0)
    mustache (1.0.5)
    mustermann (1.0.1)
    oj (3.3.10)
    openssl (2.1.0)
    rack (2.0.3)
    rack-protection (2.0.0)
      rack
    sinatra (2.0.0)
      mustermann (~> 1.0)
      rack (~> 2.0)
      rack-protection (= 2.0.0)
      tilt (~> 2.0)
    stripe (3.9.1)
      faraday (~> 0.10)
    tilt (2.0.8)

PLATFORMS
  ruby

DEPENDENCIES
  dotenv
  httplog
  lightrail_client!
  lightrail_stripe!
  mustache
  oj
  sinatra
  stripe

BUNDLED WITH
   1.16.1
